PATH
  remote: .
  specs:
    numberator (0.1.0)
      linked-list (~> 0.0.15)

GEM
  remote: https://rubygems.org/
  specs:
    linked-list (0.0.15)
    minitest (5.14.2)
    rake (12.3.3)

PLATFORMS
  ruby

DEPENDENCIES
  minitest (~> 5.0)
  numberator!
  rake (~> 12.0)

BUNDLED WITH
   2.1.4
