PATH
  remote: .
  specs:
    numberator (0.1.0)

GEM
  remote: https://rubygems.org/
  specs:
    minitest (5.14.2)
    rake (12.3.3)

PLATFORMS
  ruby

DEPENDENCIES
  minitest (~> 5.0)
  numberator!
  rake (~> 12.0)

BUNDLED WITH
   1.16.6
